GEM
  remote: https://rubygems.org/
  specs:
    rubysounds (0.5)

PLATFORMS
  x86-linux

DEPENDENCIES
  rubysounds

BUNDLED WITH
   2.3.7
